GEM
  remote: https://rubygems.org/
  specs:
    activesupport (5.2.4.3)
      concurrent-ruby (~> 1.0, >= 1.0.2)
      i18n (>= 0.7, < 2)
      minitest (~> 5.1)
      tzinfo (~> 1.1)
    coderay (1.1.2)
    colorize (0.7.7)
    concurrent-ruby (1.1.6)
    equatable (0.5.0)
    gitlab (4.10.0)
      httparty (~> 0.14, >= 0.14.0)
      terminal-table (~> 1.5, >= 1.5.1)
    httparty (0.16.2)
      multi_xml (>= 0.5.2)
    i18n (1.8.2)
      concurrent-ruby (~> 1.0)
    jira-ruby (1.6.0)
      activesupport
      multipart-post
      oauth (~> 0.5, >= 0.5.0)
    method_source (0.8.2)
    minitest (5.14.1)
    multi_xml (0.5.5)
    multipart-post (2.0.0)
    necromancer (0.4.0)
    oauth (0.5.4)
    pastel (0.7.2)
      equatable (~> 0.5.0)
      tty-color (~> 0.4.0)
    pry (0.10.4)
      coderay (~> 1.1.0)
      method_source (~> 0.8.1)
      slop (~> 3.4)
    slop (3.6.0)
    terminal-table (1.8.0)
      unicode-display_width (~> 1.1, >= 1.1.1)
    thread_safe (0.3.6)
    timers (4.2.0)
    tty-color (0.4.3)
    tty-cursor (0.6.0)
    tty-prompt (0.18.0)
      necromancer (~> 0.4.0)
      pastel (~> 0.7.0)
      timers (~> 4.0)
      tty-cursor (~> 0.6.0)
      tty-reader (~> 0.5.0)
    tty-reader (0.5.0)
      tty-cursor (~> 0.6.0)
      tty-screen (~> 0.6.4)
      wisper (~> 2.0.0)
    tty-screen (0.6.5)
    tzinfo (1.2.7)
      thread_safe (~> 0.1)
    unicode-display_width (1.5.0)
    wisper (2.0.0)

PLATFORMS
  ruby

DEPENDENCIES
  activesupport (~> 5.2)
  colorize
  gitlab (~> 4.10)
  httparty
  jira-ruby
  pry
  tty-prompt

BUNDLED WITH
   1.17.1
